GEM
  remote: https://rubygems.org/
  specs:
    base64 (0.2.0)
    httparty (0.21.0)
      mini_mime (>= 1.0.0)
      multi_xml (>= 0.5.2)
    mini_mime (1.1.5)
    multi_xml (0.6.0)
    rexml (3.2.6)
    rubyzip (2.3.2)
    selenium-webdriver (4.18.1)
      base64 (~> 0.2)
      rexml (~> 3.2, >= 3.2.5)
      rubyzip (>= 1.2.2, < 3.0)
      websocket (~> 1.0)
    websocket (1.2.10)

PLATFORMS
  arm64-darwin-23
  x86_64-darwin-21
  x86_64-linux

DEPENDENCIES
  httparty
  selenium-webdriver

BUNDLED WITH
   2.4.1
