GEM
  remote: https://rubygems.org/
  specs:
    coderay (1.1.3)
    httparty (0.21.0)
      mini_mime (>= 1.0.0)
      multi_xml (>= 0.5.2)
    method_source (1.0.0)
    mini_mime (1.1.2)
    multi_xml (0.6.0)
    pry (0.14.2)
      coderay (~> 1.1)
      method_source (~> 1.0)
    rexml (3.2.5)
    rss (0.2.9)
      rexml
    rubyzip (2.3.2)
    selenium-webdriver (4.8.1)
      rexml (~> 3.2, >= 3.2.5)
      rubyzip (>= 1.2.2, < 3.0)
      websocket (~> 1.0)
    websocket (1.2.9)

PLATFORMS
  x86_64-darwin-20
  x86_64-linux

DEPENDENCIES
  httparty
  pry
  rss
  selenium-webdriver

BUNDLED WITH
   2.2.32
