GEM
  remote: https://rubygems.org/
  specs:
    childprocess (4.1.0)
    coderay (1.1.3)
    httparty (0.20.0)
      mime-types (~> 3.0)
      multi_xml (>= 0.5.2)
    method_source (1.0.0)
    mime-types (3.4.1)
      mime-types-data (~> 3.2015)
    mime-types-data (3.2022.0105)
    multi_xml (0.6.0)
    pry (0.14.1)
      coderay (~> 1.1)
      method_source (~> 1.0)
    rexml (3.2.5)
    rss (0.2.9)
      rexml
    rubyzip (2.3.2)
    selenium-webdriver (4.1.0)
      childprocess (>= 0.5, < 5.0)
      rexml (~> 3.2, >= 3.2.5)
      rubyzip (>= 1.2.2)

PLATFORMS
  x86_64-darwin-20
  x86_64-linux

DEPENDENCIES
  httparty
  pry
  rss
  selenium-webdriver

BUNDLED WITH
   2.2.32
