GEM
  remote: https://rubygems.org/
  specs:
    httparty (0.21.0)
      mini_mime (>= 1.0.0)
      multi_xml (>= 0.5.2)
    mini_mime (1.1.2)
    multi_xml (0.6.0)
    rexml (3.2.5)
    rubyzip (2.3.2)
    selenium-webdriver (4.8.1)
      rexml (~> 3.2, >= 3.2.5)
      rubyzip (>= 1.2.2, < 3.0)
      websocket (~> 1.0)
    websocket (1.2.9)

PLATFORMS
  x86_64-darwin-20
  x86_64-linux

DEPENDENCIES
  httparty
  selenium-webdriver

BUNDLED WITH
   2.2.32
